GEM
  remote: https://rubygems.org/
  specs:
    ast (2.4.1)
    bigfiles (0.0.3)
    cane (3.0.0)
      parallel
    flay (2.6.1)
      ruby_parser (~> 3.0)
      sexp_processor (~> 4.0)
    flog (4.3.2)
      ruby_parser (~> 3.1, > 3.1.0)
      sexp_processor (~> 4.4)
    json (1.8.2)
    kwalify (0.7.2)
    parallel (1.20.1)
    parser (2.7.2.0)
      ast (~> 2.4.1)
    psych (3.2.1)
    punchlist (0.0.2)
    quality (8.0.0)
      bigfiles
      cane (>= 2.6)
      flay (>= 2.4, != 2.6.0)
      flog (>= 4.1.1)
      json
      punchlist
      reek (>= 1.3.4)
      rubocop
      ruby_parser (>= 3.2.2, != 3.6.6)
    rainbow (3.0.0)
    rake (10.4.2)
    reek (6.0.2)
      kwalify (~> 0.7.0)
      parser (>= 2.5.0.0, < 2.8, != 2.5.1.1)
      psych (~> 3.1)
      rainbow (>= 2.0, < 4.0)
    regexp_parser (2.0.1)
    rexml (3.2.4)
    rubocop (1.6.1)
      parallel (~> 1.10)
      parser (>= 2.7.1.5)
      rainbow (>= 2.2.2, < 4.0)
      regexp_parser (>= 1.8, < 3.0)
      rexml
      rubocop-ast (>= 1.2.0, < 2.0)
      ruby-progressbar (~> 1.7)
      unicode-display_width (>= 1.4.0, < 2.0)
    rubocop-ast (1.3.0)
      parser (>= 2.7.1.5)
    ruby-progressbar (1.10.1)
    ruby_parser (3.6.5)
      sexp_processor (~> 4.1)
    sexp_processor (4.5.1)
    unicode-display_width (1.7.0)

PLATFORMS
  ruby

DEPENDENCIES
  quality
  rake
